GEM
  remote: https://rubygems.org/
  specs:
    builder (3.2.4)
    byebug (11.1.3)
    colorize (0.8.1)
    concurrent-ruby (1.1.8)
    connection_pool (2.2.3)
    earl-report (0.6.2)
      haml (~> 5.2)
      json-ld (~> 3.1)
      kramdown (~> 2.3)
      nokogiri (~> 1.10)
      rdf (~> 3.1)
      rdf-turtle (~> 3.1)
      rdf-vocab (~> 3.1)
      rexml (~> 3.2)
      sparql (~> 3.1)
    ebnf (2.1.2)
      htmlentities (~> 4.3)
      rdf (~> 3.1)
      scanf (~> 1.0)
      sxp (~> 1.1)
    haml (5.2.1)
      temple (>= 0.8.0)
      tilt
    hamster (3.0.0)
      concurrent-ruby (~> 1.0)
    htmlentities (4.3.4)
    json-canonicalization (0.2.1)
    json-ld (3.1.9)
      htmlentities (~> 4.3)
      json-canonicalization (~> 0.2)
      link_header (~> 0.0, >= 0.0.8)
      multi_json (~> 1.14)
      rack (~> 2.0)
      rdf (~> 3.1)
    kramdown (2.3.1)
      rexml
    link_header (0.0.8)
    mini_portile2 (2.5.0)
    multi_json (1.15.0)
    net-http-persistent (4.0.1)
      connection_pool (~> 2.2)
    nokogiri (1.11.2)
      mini_portile2 (~> 2.5.0)
      racc (~> 1.4)
    nokogiri (1.11.2-x86_64-darwin)
      racc (~> 1.4)
    nokogiri (1.11.2-x86_64-linux)
      racc (~> 1.4)
    racc (1.5.2)
    rack (2.2.3)
    rake (13.0.3)
    rdf (3.1.13)
      hamster (~> 3.0)
      link_header (~> 0.0, >= 0.0.8)
    rdf-aggregate-repo (3.1.0)
      rdf (~> 3.1)
    rdf-isomorphic (3.1.1)
      rdf (~> 3.1)
    rdf-normalize (0.4.0)
      rdf (~> 3.1)
    rdf-ordered-repo (3.1.1)
      rdf (~> 3.1)
    rdf-turtle (3.1.3)
      ebnf (~> 2.1)
      rdf (~> 3.1, >= 3.1.8)
    rdf-vocab (3.1.12)
      rdf (~> 3.1, >= 3.1.12)
    rdf-xsd (3.1.1)
      rdf (~> 3.1)
      rexml (~> 3.2)
    redcarpet (3.5.1)
    rexml (3.2.4)
    scanf (1.0.0)
    sparql (3.1.6)
      builder (~> 3.2)
      ebnf (~> 2.1)
      rdf (~> 3.1, >= 3.1.12)
      rdf-aggregate-repo (~> 3.1)
      rdf-xsd (~> 3.1)
      sparql-client (~> 3.1, >= 3.1.2)
      sxp (~> 1.1)
    sparql-client (3.1.2)
      net-http-persistent (~> 4.0, >= 4.0.1)
      rdf (~> 3.1)
    sxp (1.1.0)
      rdf (~> 3.1)
    temple (0.8.2)
    tilt (2.0.10)

PLATFORMS
  ruby
  x86_64-darwin-20
  x86_64-linux

DEPENDENCIES
  byebug
  colorize
  earl-report
  json-ld
  rake
  rdf-isomorphic
  rdf-normalize
  rdf-ordered-repo
  rdf-turtle
  redcarpet

BUNDLED WITH
   2.2.15
